PATH
  remote: .
  specs:
    pnut (0.1.2)
      addressable (~> 2.5)
      faraday
      webmock (~> 3.4)

GEM
  remote: https://rubygems.org/
  specs:
    addressable (2.5.2)
      public_suffix (>= 2.0.2, < 4.0)
    coderay (1.1.2)
    crack (0.4.3)
      safe_yaml (~> 1.0.0)
    faraday (0.15.2)
      multipart-post (>= 1.2, < 3)
    hashdiff (0.3.7)
    method_source (0.9.0)
    minitest (5.11.3)
    multipart-post (2.0.0)
    pry (0.11.3)
      coderay (~> 1.1.0)
      method_source (~> 0.9.0)
    public_suffix (3.0.2)
    rake (10.5.0)
    safe_yaml (1.0.4)
    webmock (3.4.2)
      addressable (>= 2.3.6)
      crack (>= 0.3.2)
      hashdiff

PLATFORMS
  ruby

DEPENDENCIES
  bundler (~> 1.16)
  minitest (~> 5.0)
  pnut!
  pry (~> 0.11)
  rake (~> 10.0)

BUNDLED WITH
   1.16.3
